GEM
  remote: https://rubygems.org/
  specs:
    activesupport (4.2.8)
      i18n (~> 0.7)
      minitest (~> 5.1)
      thread_safe (~> 0.3, >= 0.3.4)
      tzinfo (~> 1.1)
    addressable (2.5.0)
      public_suffix (~> 2.0, >= 2.0.2)
    coderay (1.1.1)
    colorator (1.1.0)
    em-websocket (0.5.1)
      eventmachine (>= 0.12.9)
      http_parser.rb (~> 0.6.0)
    eventmachine (1.2.3)
    faraday (0.11.0)
      multipart-post (>= 1.2, < 3)
    ffi (1.9.17)
    formatador (0.2.5)
    forwardable-extended (2.6.0)
    guard (2.14.1)
      formatador (>= 0.2.4)
      listen (>= 2.7, < 4.0)
      lumberjack (~> 1.0)
      nenv (~> 0.1)
      notiffany (~> 0.0)
      pry (>= 0.9.12)
      shellany (~> 0.0)
      thor (>= 0.18.1)
    guard-compat (1.2.1)
    guard-livereload (2.5.2)
      em-websocket (~> 0.5)
      guard (~> 2.8)
      guard-compat (~> 1.0)
      multi_json (~> 1.8)
    html-pipeline (2.5.0)
      activesupport (>= 2)
      nokogiri (>= 1.4)
    http_parser.rb (0.6.0)
    i18n (0.8.1)
    jekyll (3.3.1)
      addressable (~> 2.4)
      colorator (~> 1.0)
      jekyll-sass-converter (~> 1.0)
      jekyll-watch (~> 1.1)
      kramdown (~> 1.3)
      liquid (~> 3.0)
      mercenary (~> 0.3.3)
      pathutil (~> 0.9)
      rouge (~> 1.7)
      safe_yaml (~> 1.0)
    jekyll-feed (0.9.1)
      jekyll (~> 3.3)
    jekyll-gist (1.4.0)
      octokit (~> 4.2)
    jekyll-mentions (1.2.0)
      activesupport (~> 4.0)
      html-pipeline (~> 2.3)
      jekyll (~> 3.0)
    jekyll-paginate (1.1.0)
    jekyll-sass-converter (1.5.0)
      sass (~> 3.4)
    jekyll-watch (1.5.0)
      listen (~> 3.0, < 3.1)
    kramdown (1.13.2)
    liquid (3.0.6)
    listen (3.0.8)
      rb-fsevent (~> 0.9, >= 0.9.4)
      rb-inotify (~> 0.9, >= 0.9.7)
    lumberjack (1.0.11)
    mercenary (0.3.6)
    method_source (0.8.2)
    mini_portile2 (2.1.0)
    minitest (5.10.1)
    multi_json (1.12.1)
    multipart-post (2.0.0)
    nenv (0.3.0)
    nokogiri (1.7.0.1)
      mini_portile2 (~> 2.1.0)
    notiffany (0.1.1)
      nenv (~> 0.1)
      shellany (~> 0.0)
    octokit (4.6.2)
      sawyer (~> 0.8.0, >= 0.5.3)
    pathutil (0.14.0)
      forwardable-extended (~> 2.6)
    pry (0.10.4)
      coderay (~> 1.1.0)
      method_source (~> 0.8.1)
      slop (~> 3.4)
    public_suffix (2.0.5)
    rb-fsevent (0.9.8)
    rb-inotify (0.9.8)
      ffi (>= 0.5.0)
    rouge (1.11.1)
    safe_yaml (1.0.4)
    sass (3.4.23)
    sawyer (0.8.1)
      addressable (>= 2.3.5, < 2.6)
      faraday (~> 0.8, < 1.0)
    shellany (0.0.1)
    slop (3.6.0)
    thor (0.19.4)
    thread_safe (0.3.6)
    tzinfo (1.2.2)
      thread_safe (~> 0.1)

PLATFORMS
  ruby

DEPENDENCIES
  guard-livereload
  jekyll (= 3.3.1)
  jekyll-feed (~> 0.6)
  jekyll-gist
  jekyll-mentions
  jekyll-paginate

RUBY VERSION
   ruby 2.4.0p0

BUNDLED WITH
   1.13.7
